GEM
  remote: http://rubygems.org/
  specs:
    diff-lcs (1.1.2)
    infinity_test (0.2.0)
      watchr (>= 0.7)
    rspec (2.0.0.rc)
      rspec-core (= 2.0.0.rc)
      rspec-expectations (= 2.0.0.rc)
      rspec-mocks (= 2.0.0.rc)
    rspec-core (2.0.0.rc)
    rspec-expectations (2.0.0.rc)
      diff-lcs (>= 1.1.2)
    rspec-mocks (2.0.0.rc)
      rspec-core (= 2.0.0.rc)
      rspec-expectations (= 2.0.0.rc)
    watchr (0.7)

PLATFORMS
  ruby

DEPENDENCIES
  infinity_test (= 0.2.0)
  rspec (= 2.0.0.rc)
